GEM
  remote: https://rubygems.org/
  specs:
    rack (1.6.4)
    sqlite3 (1.3.11)

PLATFORMS
  ruby

DEPENDENCIES
  rack
  sqlite3
